PATH
  remote: .
  specs:
    scheduled-format (0.1.0)
      commonjs_modules (~> 0.0)
      parslet (~> 1.8)

GEM
  remote: https://rubygems.org/
  specs:
    coderay (1.1.2)
    commonjs_modules (0.0.1)
    coveralls (0.8.21)
      json (>= 1.8, < 3)
      simplecov (~> 0.14.1)
      term-ansicolor (~> 1.3)
      thor (~> 0.19.4)
      tins (~> 1.6)
    diff-lcs (1.3)
    docile (1.1.5)
    github-markup (2.0.0)
    json (2.1.0)
    method_source (0.9.0)
    parslet (1.8.2)
    pry (0.11.3)
      coderay (~> 1.1.0)
      method_source (~> 0.9.0)
    redcarpet (3.4.0)
    rspec (3.7.0)
      rspec-core (~> 3.7.0)
      rspec-expectations (~> 3.7.0)
      rspec-mocks (~> 3.7.0)
    rspec-core (3.7.1)
      rspec-support (~> 3.7.0)
    rspec-expectations (3.7.0)
      diff-lcs (>= 1.2.0, < 2.0)
      rspec-support (~> 3.7.0)
    rspec-mocks (3.7.0)
      diff-lcs (>= 1.2.0, < 2.0)
      rspec-support (~> 3.7.0)
    rspec-support (3.7.1)
    simplecov (0.14.1)
      docile (~> 1.1.0)
      json (>= 1.8, < 3)
      simplecov-html (~> 0.10.0)
    simplecov-html (0.10.2)
    term-ansicolor (1.6.0)
      tins (~> 1.0)
    thor (0.19.4)
    timecop (0.9.1)
    tins (1.16.3)
    yard (0.9.14)
    yard-rspec (0.1)
      yard

PLATFORMS
  ruby

DEPENDENCIES
  coveralls
  github-markup
  pry
  redcarpet
  rspec
  scheduled-format!
  timecop
  yard
  yard-rspec

BUNDLED WITH
   1.16.1
